GEM
  remote: https://rubygems.org/
  specs:
    rake (13.2.1)
    rake-compiler (1.3.0)
      rake

PLATFORMS
  ruby
  x86_64-linux

DEPENDENCIES
  rake (~> 13.0)
  rake-compiler

BUNDLED WITH
   2.6.2
